GEM
  remote: http://rubygems.org/
  specs:
    dalli (1.0.5)
    diff-lcs (1.1.2)
    i18n (0.6.0)
    mail (2.3.0)
      i18n (>= 0.4.0)
      mime-types (~> 1.16)
      treetop (~> 1.4.8)
    mime-types (1.16)
    polyglot (0.3.2)
    pony (1.3)
      mail (> 2.0)
    rack (1.3.2)
    rack-test (0.6.1)
      rack (>= 1.0)
    rspec (2.6.0)
      rspec-core (~> 2.6.0)
      rspec-expectations (~> 2.6.0)
      rspec-mocks (~> 2.6.0)
    rspec-core (2.6.4)
    rspec-expectations (2.6.0)
      diff-lcs (~> 1.1.2)
    rspec-mocks (2.6.0)
    sinatra (1.2.6)
      rack (~> 1.1)
      tilt (>= 1.2.2, < 2.0)
    tilt (1.3.2)
    timecop (0.3.5)
    treetop (1.4.10)
      polyglot
      polyglot (>= 0.3.1)

PLATFORMS
  ruby

DEPENDENCIES
  dalli (~> 1.0)
  pony (~> 1.3)
  rack-test (~> 0.6)
  rspec (~> 2.6)
  sinatra
  timecop (~> 0.3)
